GEM
  remote: https://rubygems.org/
  specs:
    activemodel (5.2.0)
      activesupport (= 5.2.0)
    activerecord (5.2.0)
      activemodel (= 5.2.0)
      activesupport (= 5.2.0)
      arel (>= 9.0)
    activesupport (5.2.0)
      concurrent-ruby (~> 1.0, >= 1.0.2)
      i18n (>= 0.7, < 2)
      minitest (~> 5.1)
      tzinfo (~> 1.1)
    arel (9.0.0)
    bcrypt (3.1.12)
    benchmark-ips (2.7.2)
    chronic_duration (0.10.6)
      numerizer (~> 0.1.1)
    concurrent-ruby (1.0.5)
    connection_pool (2.2.2)
    database_cleaner (1.7.0)
    derailed_benchmarks (1.3.4)
      benchmark-ips (~> 2)
      get_process_mem (~> 0)
      heapy (~> 0)
      memory_profiler (~> 0)
      rack (>= 1)
      rake (> 10, < 13)
      thor (~> 0.19)
    diff-lcs (1.3)
    docile (1.3.1)
    et-orbi (1.1.3)
      tzinfo
    factory_bot (4.10.0)
      activesupport (>= 3.0.0)
    faker (1.9.1)
      i18n (>= 0.7)
    fugit (1.1.4)
      et-orbi (~> 1.1, >= 1.1.3)
      raabro (~> 1.1)
    get_process_mem (0.2.2)
    haml (5.0.4)
      temple (>= 0.8.0)
      tilt
    heapy (0.1.4)
    i18n (1.0.1)
      concurrent-ruby (~> 1.0)
    json (2.1.0)
    mail (2.7.0)
      mini_mime (>= 0.1.1)
    memory_profiler (0.9.11)
    mini_mime (1.0.0)
    minitest (5.11.3)
    mustermann (1.0.2)
    numerizer (0.1.1)
    pg (1.0.0)
    pony (1.12)
      mail (>= 2.0)
    raabro (1.1.6)
    rack (2.0.5)
    rack-cache (1.8.0)
      rack (>= 0.4)
    rack-protection (2.0.3)
      rack
    rack-test (1.1.0)
      rack (>= 1.0, < 3)
    rake (12.3.1)
    redis (4.0.1)
    rspec (3.7.0)
      rspec-core (~> 3.7.0)
      rspec-expectations (~> 3.7.0)
      rspec-mocks (~> 3.7.0)
    rspec-core (3.7.1)
      rspec-support (~> 3.7.0)
    rspec-expectations (3.7.0)
      diff-lcs (>= 1.2.0, < 2.0)
      rspec-support (~> 3.7.0)
    rspec-mocks (3.7.0)
      diff-lcs (>= 1.2.0, < 2.0)
      rspec-support (~> 3.7.0)
    rspec-simplecov (0.2.2)
    rspec-support (3.7.1)
    rufus-scheduler (3.5.1)
      fugit (~> 1.1, >= 1.1.4)
    shotgun (0.9.2)
      rack (>= 1.0)
    sidekiq (5.1.3)
      concurrent-ruby (~> 1.0)
      connection_pool (~> 2.2, >= 2.2.0)
      rack-protection (>= 1.5.0)
      redis (>= 3.3.5, < 5)
    sidekiq-scheduler (3.0.0)
      redis (>= 3, < 5)
      rufus-scheduler (~> 3.2)
      sidekiq (>= 3)
      tilt (>= 1.4.0)
    simplecov (0.16.1)
      docile (~> 1.1)
      json (>= 1.8, < 3)
      simplecov-html (~> 0.10.0)
    simplecov-html (0.10.2)
    sinatra (2.0.3)
      mustermann (~> 1.0)
      rack (~> 2.0)
      rack-protection (= 2.0.3)
      tilt (~> 2.0)
    sinatra-activerecord (2.0.13)
      activerecord (>= 3.2)
      sinatra (>= 1.0)
    spec (5.3.4)
      chronic_duration (~> 0.10.2)
    stackprof (0.2.12)
    temple (0.8.0)
    thor (0.20.0)
    thread_safe (0.3.6)
    tilt (2.0.8)
    tzinfo (1.2.5)
      thread_safe (~> 0.1)
    warden (1.2.1)
      rack (>= 1.0)

PLATFORMS
  ruby

DEPENDENCIES
  activerecord
  bcrypt
  bundler
  database_cleaner
  derailed_benchmarks
  factory_bot (~> 4.0)
  faker
  haml
  pg
  pony
  rack-cache
  rack-test
  rake
  rspec
  rspec-mocks
  rspec-simplecov
  shotgun
  sidekiq
  sidekiq-scheduler
  simplecov
  sinatra
  sinatra-activerecord
  spec
  stackprof
  warden (= 1.2.1)

RUBY VERSION
   ruby 2.4.1p111

BUNDLED WITH
   1.16.2
